GEM
  remote: https://rubygems.org/
  specs:
    bourbon (4.1.1)
      sass (~> 3.3)
      thor
    celluloid (0.16.0)
      timers (~> 4.0.0)
    ffi (1.9.6)
    haml (4.0.6)
      tilt
    hitimes (1.2.2)
    jasmine (2.1.0)
      jasmine-core (~> 2.1.0)
      phantomjs
      rack (>= 1.2.1)
      rake
    jasmine-core (2.1.3)
    listen (2.8.5)
      celluloid (>= 0.15.2)
      rb-fsevent (>= 0.9.3)
      rb-inotify (>= 0.9)
    neat (1.7.1)
      bourbon (>= 4.0)
      sass (>= 3.3)
    phantomjs (1.9.8.0)
    rack (1.6.0)
    rake (10.4.2)
    rb-fsevent (0.9.4)
    rb-inotify (0.9.5)
      ffi (>= 0.5.0)
    sass (3.4.10)
    thor (0.19.1)
    tilt (2.0.1)
    timers (4.0.1)
      hitimes

PLATFORMS
  ruby

DEPENDENCIES
  bourbon
  haml
  jasmine
  listen
  neat
  rake
  sass
